PATH
  remote: .
  specs:
    mailchimp-api (2.0.6)
      json (>= 1.7.7)

GEM
  remote: https://rubygems.org/
  specs:
    json (2.3.1)

PLATFORMS
  ruby

DEPENDENCIES
  mailchimp-api!

BUNDLED WITH
   2.1.4
